GEM
  remote: https://rubygems.org/
  specs:
    coderay (1.0.7)
    diff-lcs (1.1.3)
    etherpad-lite (0.2.0)
      rest-client (>= 1.6)
    method_source (0.8)
    mime-types (1.19)
    piggy_latin (0.1.1)
    pry (0.9.10)
      coderay (~> 1.0.5)
      method_source (~> 0.8)
      slop (~> 3.3.1)
    pry-nav (0.2.2)
      pry (~> 0.9.10)
    rest-client (1.6.7)
      mime-types (>= 1.16)
    slop (3.3.3)

PLATFORMS
  ruby

DEPENDENCIES
  diff-lcs
  etherpad-lite
  piggy_latin
  pry
  pry-nav
